GEM
  remote: http://rubygems.org/
  specs:
    kiba (1.0.0)

PLATFORMS
  ruby

DEPENDENCIES
  kiba

BUNDLED WITH
   1.13.6
